PATH
  remote: .
  specs:
    objctify (0.3.1)
      claide (>= 0.9.1, < 2.0)
      xcodeproj (>= 1.3.0, < 2.0.0)

GEM
  remote: https://rubygems.org/
  specs:
    CFPropertyList (3.0.1)
    atomos (0.1.3)
    claide (1.0.3)
    colored2 (3.1.2)
    nanaimo (0.2.6)
    rake (12.3.3)
    xcodeproj (1.13.0)
      CFPropertyList (>= 2.3.3, < 4.0)
      atomos (~> 0.1.3)
      claide (>= 1.0.2, < 2.0)
      colored2 (~> 3.1)
      nanaimo (~> 0.2.6)

PLATFORMS
  ruby

DEPENDENCIES
  bundler (~> 1.16)
  objctify!
  rake (~> 12.3)

BUNDLED WITH
   1.16.1
